PATH
  remote: .
  specs:
    mongo_queue (0.2.4)
      moped (~> 2.0.0)

GEM
  remote: http://rubygems.org/
  specs:
    bson (3.2.6)
    connection_pool (2.2.0)
    diff-lcs (1.2.5)
    json (1.8.3)
    moped (2.0.7)
      bson (~> 3.0)
      connection_pool (~> 2.0)
      optionable (~> 0.2.0)
    optionable (0.2.0)
    rake (11.2.2)
    rdoc (4.2.2)
      json (~> 1.4)
    rspec (3.5.0)
      rspec-core (~> 3.5.0)
      rspec-expectations (~> 3.5.0)
      rspec-mocks (~> 3.5.0)
    rspec-core (3.5.2)
      rspec-support (~> 3.5.0)
    rspec-expectations (3.5.0)
      diff-lcs (>= 1.2.0, < 2.0)
      rspec-support (~> 3.5.0)
    rspec-mocks (3.5.0)
      diff-lcs (>= 1.2.0, < 2.0)
      rspec-support (~> 3.5.0)
    rspec-support (3.5.0)

PLATFORMS
  ruby

DEPENDENCIES
  mongo_queue!
  rake
  rdoc
  rspec

BUNDLED WITH
   1.11.2
