PATH
  remote: .
  specs:
    mongo_queue (0.2.4)
      mongo (~> 2.4)

GEM
  remote: http://rubygems.org/
  specs:
    bson (4.2.0)
    diff-lcs (1.2.5)
    mongo (2.4.0)
      bson (~> 4.2.0)
    rake (11.3.0)
    rdoc (5.0.0)
    rspec (3.5.0)
      rspec-core (~> 3.5.0)
      rspec-expectations (~> 3.5.0)
      rspec-mocks (~> 3.5.0)
    rspec-core (3.5.4)
      rspec-support (~> 3.5.0)
    rspec-expectations (3.5.0)
      diff-lcs (>= 1.2.0, < 2.0)
      rspec-support (~> 3.5.0)
    rspec-mocks (3.5.0)
      diff-lcs (>= 1.2.0, < 2.0)
      rspec-support (~> 3.5.0)
    rspec-support (3.5.0)

PLATFORMS
  ruby

DEPENDENCIES
  mongo_queue!
  rake
  rdoc
  rspec

BUNDLED WITH
   1.11.2
